PATH
  remote: .
  specs:
    reflekt (0.9.7)
      rowdb

GEM
  remote: https://rubygems.org/
  specs:
    oj (3.10.15)
    rowdb (0.6.2)
      oj
      rudash
    rudash (4.1.2)

PLATFORMS
  ruby

DEPENDENCIES
  reflekt!

BUNDLED WITH
   2.1.4
